GEM
  remote: https://rubygems.org/
  specs:
    chef (11.16.4-x86-mingw32)
      chef-zero (~> 2.1, >= 2.1.4)
      diff-lcs (~> 1.2, >= 1.2.4)
      erubis (~> 2.7)
      ffi (~> 1.9)
      ffi-yajl (~> 1.0)
      highline (~> 1.6, >= 1.6.9)
      mime-types (~> 1.16)
      mixlib-authentication (~> 1.3)
      mixlib-cli (~> 1.4)
      mixlib-config (~> 2.0)
      mixlib-log (~> 1.3)
      mixlib-shellout (~> 1.4)
      net-ssh (~> 2.6)
      net-ssh-multi (~> 1.1)
      ohai (~> 7.4)
      plist (~> 3.1.0)
      pry (~> 0.9)
      rest-client (>= 1.0.4, <= 1.6.7)
      win32-api (= 1.5.1)
      win32-dir (= 0.4.5)
      win32-event (= 0.6.1)
      win32-mmap (= 0.4.0)
      win32-mutex (= 0.4.1)
      win32-process (= 0.7.3)
      win32-service (= 0.8.2)
      windows-api (= 0.4.2)
      windows-pr (= 1.2.2)
      wmi-lite (~> 1.0)
    chef-zero (2.2.1)
      ffi-yajl (~> 1.1)
      hashie (~> 2.0)
      mixlib-log (~> 1.3)
      rack
    chefspec (3.1.4)
      chef (~> 11.0)
      fauxhai (~> 2.0)
      i18n (>= 0.6.9, < 1.0.0)
      rspec (~> 2.14)
    coderay (1.1.0)
    diff-lcs (1.2.5)
    erubis (2.7.0)
    fauxhai (2.2.0)
      net-ssh
      ohai
    ffi (1.9.6-x86-mingw32)
    ffi-yajl (1.2.0)
      ffi (~> 1.5)
      libyajl2 (~> 1.0)
    hashie (2.1.2)
    highline (1.6.21)
    i18n (0.6.11)
    ipaddress (0.8.0)
    libyajl2 (1.1.0)
    method_source (0.8.2)
    mime-types (1.25.1)
    mixlib-authentication (1.3.0)
      mixlib-log
    mixlib-cli (1.5.0)
    mixlib-config (2.1.0)
    mixlib-log (1.6.0)
    mixlib-shellout (1.6.0-x86-mingw32)
      win32-process (~> 0.7.1)
      windows-pr (~> 1.2.2)
    net-ssh (2.9.1)
    net-ssh-gateway (1.2.0)
      net-ssh (>= 2.6.5)
    net-ssh-multi (1.2.0)
      net-ssh (>= 2.6.5)
      net-ssh-gateway (>= 1.2.0)
    ohai (7.4.0)
      ffi (~> 1.9)
      ffi-yajl (~> 1.0)
      ipaddress
      mime-types (~> 1.16)
      mixlib-cli
      mixlib-config (~> 2.0)
      mixlib-log
      mixlib-shellout (~> 1.2)
      systemu (~> 2.6.4)
      wmi-lite (~> 1.0)
    plist (3.1.0)
    pry (0.10.1-x86-mingw32)
      coderay (~> 1.1.0)
      method_source (~> 0.8.1)
      slop (~> 3.4)
      win32console (~> 1.3)
    rack (1.5.2)
    rest-client (1.6.7)
      mime-types (>= 1.16)
    rspec (2.99.0)
      rspec-core (~> 2.99.0)
      rspec-expectations (~> 2.99.0)
      rspec-mocks (~> 2.99.0)
    rspec-core (2.99.2)
    rspec-expectations (2.99.2)
      diff-lcs (>= 1.1.3, < 2.0)
    rspec-mocks (2.99.2)
    slop (3.6.0)
    systemu (2.6.4)
    win32-api (1.5.1-x86-mingw32)
    win32-dir (0.4.5)
      ffi (>= 1.0.0)
    win32-event (0.6.1)
      win32-ipc (>= 0.6.0)
    win32-ipc (0.6.1)
      ffi
    win32-mmap (0.4.0)
      ffi
    win32-mutex (0.4.1)
      win32-ipc (>= 0.6.0)
    win32-process (0.7.3)
      ffi (>= 1.0.0)
    win32-service (0.8.2)
      ffi
    win32console (1.3.2-x86-mingw32)
    windows-api (0.4.2)
      win32-api (>= 1.4.5)
    windows-pr (1.2.2)
      win32-api (>= 1.4.5)
      windows-api (>= 0.3.0)
    wmi-lite (1.0.0)

PLATFORMS
  x86-mingw32

DEPENDENCIES
  chefspec (~> 3.1.0.beta)
